GEM
  specs:
    async (1.24.2)
      console (~> 1.0)
      nio4r (~> 2.3)
      timers (~> 4.1)
    async-container (0.16.2)
      async (~> 1.0)
      async-io (~> 1.26)
      process-group
    async-http (0.50.5)
      async (~> 1.23)
      async-io (~> 1.27.0)
      async-pool (~> 0.2)
      protocol-http (~> 0.14.1)
      protocol-http1 (~> 0.10.0)
      protocol-http2 (~> 0.11.0)
    async-http-cache (0.1.2)
      async-http
      protocol-http (~> 0.14.4)
    async-io (1.27.4)
      async (~> 1.14)
    async-pool (0.2.0)
      async (~> 1.8)
    build-environment (1.13.0)
    coderay (1.1.2)
    console (1.8.2)
    falcon (0.35.6)
      async (~> 1.13)
      async-container (~> 0.16.0)
      async-http (~> 0.50.4)
      async-http-cache (~> 0.1.0)
      async-io (~> 1.22)
      build-environment (~> 1.13)
      localhost (~> 1.1)
      process-metrics (~> 0.1.0)
      rack (>= 1.0)
      samovar (~> 2.1)
    ffi (1.12.2)
    localhost (1.1.6)
    mapping (1.1.1)
    method_source (0.9.2)
    nio4r (2.5.2)
    process-group (1.2.1)
      process-terminal (~> 0.2.0)
    process-metrics (0.1.1)
    process-terminal (0.2.0)
      ffi
    protocol-hpack (1.4.2)
    protocol-http (0.14.4)
    protocol-http1 (0.10.2)
      protocol-http (~> 0.13)
    protocol-http2 (0.11.1)
      protocol-hpack (~> 1.4)
      protocol-http (~> 0.2)
    pry (0.12.2)
      coderay (~> 1.1.0)
      method_source (~> 0.9.0)
    rack (2.2.3)
    samovar (2.1.4)
      console (~> 1.0)
      mapping (~> 1.0)
    timers (4.3.0)

PLATFORMS
  ruby

DEPENDENCIES
  falcon
  pry
  rack

BUNDLED WITH
   1.17.3
